PATH
  remote: .
  specs:
    apn_client (1.1.1.footballaddicts)
      yajl-ruby

GEM
  remote: http://rubygems.org/
  specs:
    ZenTest (4.7.0)
    diff-lcs (1.1.3)
    metaclass (0.0.1)
    mocha (0.10.5)
      metaclass (~> 0.0.1)
    rake (0.9.2.2)
    rspec (2.8.0)
      rspec-core (~> 2.8.0)
      rspec-expectations (~> 2.8.0)
      rspec-mocks (~> 2.8.0)
    rspec-core (2.8.0)
    rspec-expectations (2.8.0)
      diff-lcs (~> 1.1.2)
    rspec-mocks (2.8.0)
    yajl-ruby (1.1.0)
    yard (0.7.5)

PLATFORMS
  ruby

DEPENDENCIES
  ZenTest
  apn_client!
  mocha
  rake
  rspec
  yard
